GEM
  remote: https://rubygems.org/
  specs:
    pg (1.0.0)
    redis (4.0.2)

PLATFORMS
  ruby

DEPENDENCIES
  pg
  redis

RUBY VERSION
   ruby 2.5.0p0

BUNDLED WITH
   1.16.1
